GEM
  remote: https://rubygems.org/
  specs:
    abstract_type (0.0.7)
    adamantium (0.2.0)
      ice_nine (~> 0.11.0)
      memoizable (~> 0.4.0)
    ast (2.4.0)
    concord (0.1.5)
      adamantium (~> 0.2.0)
      equalizer (~> 0.0.9)
    diff-lcs (1.3)
    dissociated_introspection (0.9.1)
      parser (~> 2.1, >= 2.1.9)
      unparser (~> 0.2, >= 0.2.6)
    equalizer (0.0.11)
    graphviz (1.1.0)
      process-pipeline
    ice_nine (0.11.2)
    memoizable (0.4.2)
      thread_safe (~> 0.3, >= 0.3.1)
    parser (2.5.3.0)
      ast (~> 2.4.0)
    process-group (1.1.0)
    process-pipeline (1.0.1)
      process-group
    procto (0.0.3)
    thread_safe (0.3.6)
    unparser (0.4.2)
      abstract_type (~> 0.0.7)
      adamantium (~> 0.2.0)
      concord (~> 0.1.5)
      diff-lcs (~> 1.3)
      equalizer (~> 0.0.9)
      parser (>= 2.3.1.2, < 2.6)
      procto (~> 0.0.2)
    visualize_ruby (0.11.0)
      dissociated_introspection (~> 0.9.1)
      graphviz (~> 1.0)
      parser (~> 2.1, >= 2.5.1.0)

PLATFORMS
  ruby

DEPENDENCIES
  parser (~> 2.1, >= 2.3.3)
  visualize_ruby

BUNDLED WITH
   1.16.3
